PATH
  remote: .
  specs:
    tty-logger-raven (0.3)
      sentry-raven (~> 3.0)
      tty-logger (~> 0.3)

GEM
  remote: https://rubygems.org/
  specs:
    coderay (1.1.2)
    diff-lcs (1.3)
    equatable (0.6.1)
    faraday (1.0.0)
      multipart-post (>= 1.2, < 3)
    method_source (1.0.0)
    multipart-post (2.1.1)
    pastel (0.7.3)
      equatable (~> 0.6)
      tty-color (~> 0.5)
    prettier (0.18.0)
    pry (0.13.0)
      coderay (~> 1.1)
      method_source (~> 1.0)
    rake (10.5.0)
    rspec (3.9.0)
      rspec-core (~> 3.9.0)
      rspec-expectations (~> 3.9.0)
      rspec-mocks (~> 3.9.0)
    rspec-core (3.9.1)
      rspec-support (~> 3.9.1)
    rspec-expectations (3.9.1)
      diff-lcs (>= 1.2.0, < 2.0)
      rspec-support (~> 3.9.0)
    rspec-mocks (3.9.1)
      diff-lcs (>= 1.2.0, < 2.0)
      rspec-support (~> 3.9.0)
    rspec-support (3.9.2)
    sentry-raven (3.0.0)
      faraday (>= 1.0)
    tty-color (0.5.1)
    tty-logger (0.3.0)
      pastel (~> 0.7.0)

PLATFORMS
  ruby

DEPENDENCIES
  bundler (~> 1.17)
  prettier
  pry
  rake (~> 10.0)
  rspec (~> 3.0)
  tty-logger-raven!

BUNDLED WITH
   1.17.2
